GEM
  remote: https://rubygems.org/
  specs:
    amatch (0.4.1)
      mize
      tins (~> 1.0)
    bigdecimal (3.1.9)
    fuzzy_match (2.1.0)
    mize (0.6.1)
    sync (0.5.0)
    tins (1.38.0)
      bigdecimal
      sync

PLATFORMS
  x64-mingw-ucrt

DEPENDENCIES
  amatch
  fuzzy_match

BUNDLED WITH
   2.6.2
